PATH
  remote: .
  specs:
    baseballstatscli (0.1.0)
      colorize
      nokogiri
      rest-open-uri
      tty-table

GEM
  remote: https://rubygems.org/
  specs:
    colorize (0.8.1)
    equatable (0.5.0)
    mini_portile2 (2.4.0)
    necromancer (0.4.0)
    nokogiri (1.10.3)
      mini_portile2 (~> 2.4.0)
    pastel (0.7.2)
      equatable (~> 0.5.0)
      tty-color (~> 0.4.0)
    rake (10.5.0)
    rest-open-uri (1.0.0)
    strings (0.1.5)
      strings-ansi (~> 0.1)
      unicode-display_width (~> 1.5)
      unicode_utils (~> 1.4)
    strings-ansi (0.1.0)
    tty-color (0.4.3)
    tty-screen (0.6.5)
    tty-table (0.10.0)
      equatable (~> 0.5.0)
      necromancer (~> 0.4.0)
      pastel (~> 0.7.2)
      strings (~> 0.1.0)
      tty-screen (~> 0.6.4)
    unicode-display_width (1.6.0)
    unicode_utils (1.4.0)

PLATFORMS
  ruby

DEPENDENCIES
  baseballstatscli!
  bundler (~> 2.0)
  rake (~> 10.0)

BUNDLED WITH
   2.0.1
